GEM
  remote: https://rubygems.org/
  specs:
    array_include_methods (1.5.1)
    awesome_print (1.9.2)
    citrus (3.0.2)
    concurrent-ruby (1.2.3)
    facets (3.1.0)
    glimmer (2.7.7)
      array_include_methods (>= 1.4.0, < 1.6.0)
      facets (>= 3.1.0, < 4.0.0)
    glimmer-dsl-swt (4.30.0.0)
      concurrent-ruby (>= 1.1.7, < 2.0.0)
      glimmer (~> 2.7.4)
      jruby-win32ole (>= 0.8.5, < 2.0.0)
      matrix (>= 0.3.0, < 2.0.0)
      nested_inherited_jruby_include_package (>= 0.3.0, < 2.0.0)
      os (>= 1.0.0, < 2.0.0)
      puts_debuggerer (>= 0.13.0, < 2.0.0)
      rake (>= 13.0.0)
      rake-tui (>= 0.2.3, < 2.0.0)
      rouge (>= 3.26.0, < 4.0.0)
      super_module (>= 1.4.1, < 2.0.0)
      text-table (>= 1.2.4, < 2.0.0)
    jruby-win32ole (0.8.5)
    matrix (0.4.2)
    method_source (1.0.0)
    nested_inherited_jruby_include_package (0.3.0)
    nokogiri (1.16.5-java)
      racc (~> 1.4)
    nokogiri (1.16.5-x64-mingw-ucrt)
      racc (~> 1.4)
    os (1.1.4)
    pastel (0.8.0)
      tty-color (~> 0.5)
    puts_debuggerer (0.13.5)
      awesome_print (~> 1.9.2)
    racc (1.8.0)
    racc (1.8.0-java)
    rake (13.2.1)
    rake-tui (0.2.3)
      tty-prompt
    rouge (3.30.0)
    super_module (1.4.1)
      method_source (>= 0.8.2, < 1.1.0)
    text-table (1.2.4)
    toml-rb (3.0.1)
      citrus (~> 3.0, > 3.0)
      racc (~> 1.7)
    tty-color (0.6.0)
    tty-cursor (0.7.1)
    tty-prompt (0.23.1)
      pastel (~> 0.8)
      tty-reader (~> 0.8)
    tty-reader (0.9.0)
      tty-cursor (~> 0.7)
      tty-screen (~> 0.8)
      wisper (~> 2.0)
    tty-screen (0.8.2)
    wisper (2.0.1)

PLATFORMS
  universal-java-21
  x64-mingw-ucrt

DEPENDENCIES
  glimmer-dsl-swt (~> 4.18)
  jruby
  nokogiri
  toml-rb

RUBY VERSION
   ruby 3.2.3p157

BUNDLED WITH
   2.5.9
